GEM
  specs:
    archive-tar-minitar (0.5.2)
    docker-api (1.17.0)
      archive-tar-minitar
      excon (>= 0.38.0)
      json
    excon (0.42.1)
    json (1.8.1)
    parallel (1.3.3)

PLATFORMS
  ruby

DEPENDENCIES
  docker-api
  parallel
